GEM
  remote: http://rubygems.org/
  specs:
    addressable (2.2.6)
    chunky_png (1.2.0)
    compass (0.11.5)
      chunky_png (~> 1.2)
      fssm (>= 0.2.7)
      sass (~> 3.1)
    daemons (1.1.4)
    em-http-request (0.3.0)
      addressable (>= 2.0.0)
      escape_utils
      eventmachine (>= 0.12.9)
    erubis (2.7.0)
    escape_utils (0.2.3)
    eventmachine (0.12.10)
    extlib (0.9.15)
    fssm (0.2.7)
    haml (3.1.2)
    json_pure (1.4.6)
    rack (1.3.2)
    sass (3.1.5)
    sproutcore (1.6.0)
      compass (~> 0.11.1)
      em-http-request (~> 0.3.0)
      erubis (~> 2.6)
      extlib (~> 0.9.15)
      haml (~> 3.1.1)
      json_pure (~> 1.4.6)
      rack (~> 1.2)
      thin (~> 1.2.11)
      thor (~> 0.14.3)
    thin (1.2.11)
      daemons (>= 1.0.9)
      eventmachine (>= 0.12.6)
      rack (>= 1.0.0)
    thor (0.14.6)

PLATFORMS
  ruby

DEPENDENCIES
  sproutcore
